GEM
  remote: https://rubygems.org/
  specs:
    activesupport (6.1.7.1)
      concurrent-ruby (~> 1.0, >= 1.0.2)
      i18n (>= 1.6, < 2)
      minitest (>= 5.1)
      tzinfo (~> 2.0)
      zeitwerk (~> 2.3)
    akami (1.2.2)
      gyoku (>= 0.4.0)
      nokogiri
    builder (3.2.3)
    concurrent-ruby (1.1.10)
    gyoku (1.1.1)
      builder (>= 2.1.2)
    httparty (0.16.0)
      multi_xml (>= 0.5.2)
    httpi (2.1.1)
      rack
      rubyntlm (~> 0.3.2)
    i18n (1.12.0)
      concurrent-ruby (~> 1.0)
    mime-types (1.25.1)
    mini_portile2 (2.3.0)
    minitest (5.15.0)
    multi_xml (0.6.0)
    mustermann (1.0.2)
    nokogiri (1.8.2)
      mini_portile2 (~> 2.3.0)
    nori (2.3.0)
    rack (2.0.4)
    rack-protection (2.0.1)
      rack
    rubyntlm (0.3.4)
    savon (2.3.3)
      akami (~> 1.2.0)
      builder (>= 2.1.2)
      gyoku (~> 1.1.0)
      httpi (~> 2.1.0)
      nokogiri (>= 1.4.0)
      nori (~> 2.3.0)
      wasabi (~> 3.2.2)
    sinatra (2.0.1)
      mustermann (~> 1.0)
      rack (~> 2.0)
      rack-protection (= 2.0.1)
      tilt (~> 2.0)
    tilt (2.0.8)
    trackerific (0.8.0)
      activesupport
      builder
      httparty (>= 0.12.0)
      savon (~> 2.3.0)
    tzinfo (2.0.5)
      concurrent-ruby (~> 1.0)
    wasabi (3.2.3)
      httpi (~> 2.0)
      mime-types (< 2.0.0)
      nokogiri (>= 1.4.0)
    zeitwerk (2.6.6)

PLATFORMS
  ruby

DEPENDENCIES
  sinatra (= 2.0.1)
  trackerific (= 0.8.0)

RUBY VERSION
   ruby 2.5.0p0

BUNDLED WITH
   1.16.1
